GEM
  remote: https://rubygems.org/
  specs:
    addressable (2.8.5)
      public_suffix (>= 2.0.2, < 6.0)
    childprocess (4.1.0)
    launchy (2.5.2)
      addressable (~> 2.8)
    public_suffix (5.0.3)
    regexp_parser (2.8.2)
    rexml (3.2.6)
    rubyzip (2.3.2)
    selenium-webdriver (4.1.0)
      childprocess (>= 0.5, < 5.0)
      rexml (~> 3.2, >= 3.2.5)
      rubyzip (>= 1.2.2)
    watir (7.1.0)
      regexp_parser (>= 1.2, < 3)
      selenium-webdriver (~> 4.0)

PLATFORMS
  ruby

DEPENDENCIES
  launchy
  selenium-webdriver
  watir

BUNDLED WITH
   1.17.2
